PATH
  remote: .
  specs:
    rake-gui (0.1.0)
      activesupport (~> 4.1.0)
      colorize (~> 0.7.0)
      haml (~> 4.0.0)
      sinatra (~> 1.4.0)

GEM
  remote: https://rubygems.org/
  specs:
    activesupport (4.1.12)
      i18n (~> 0.6, >= 0.6.9)
      json (~> 1.7, >= 1.7.7)
      minitest (~> 5.1)
      thread_safe (~> 0.1)
      tzinfo (~> 1.1)
    colorize (0.7.7)
    haml (4.0.6)
      tilt
    i18n (0.7.0)
    json (1.8.3)
    minitest (5.7.0)
    rack (1.6.4)
    rack-protection (1.5.3)
      rack
    rake (10.4.2)
    sinatra (1.4.6)
      rack (~> 1.4)
      rack-protection (~> 1.4)
      tilt (>= 1.3, < 3)
    thread_safe (0.3.5)
    tilt (2.0.1)
    tzinfo (1.2.2)
      thread_safe (~> 0.1)

PLATFORMS
  ruby

DEPENDENCIES
  rake (~> 10.4.0)
  rake-gui!
