PATH
  remote: .
  specs:
    rake-gui (0.1.0)
      colorize (~> 0.7.0)

GEM
  remote: https://rubygems.org/
  specs:
    colorize (0.7.7)
    rake (10.4.2)

PLATFORMS
  ruby

DEPENDENCIES
  rake (~> 10.4.0)
  rake-gui!
